GEM
  remote: https://rubygems.org/
  specs:
    activemodel (3.2.22)
      activesupport (= 3.2.22)
      builder (~> 3.0.0)
    activesupport (3.2.22)
      i18n (~> 0.6, >= 0.6.4)
      multi_json (~> 1.0)
    addressable (2.3.8)
    bson (1.12.3)
    bson_ext (1.12.3)
      bson (~> 1.12.3)
    builder (3.0.4)
    byebug (5.0.0)
      columnize (= 0.9.0)
    columnize (0.9.0)
    cookiejar (0.3.2)
    daemons (1.2.3)
    em-http-request (1.1.2)
      addressable (>= 2.3.4)
      cookiejar
      em-socksify (>= 0.3)
      eventmachine (>= 1.0.3)
      http_parser.rb (>= 0.6.0)
    em-socksify (0.3.0)
      eventmachine (>= 1.0.0.beta.4)
    eventmachine (1.0.8)
    http_parser.rb (0.6.0)
    i18n (0.7.0)
    mongo_ext (0.19.3)
    mongoid (3.1.7)
      activemodel (~> 3.2)
      moped (~> 1.4)
      origin (~> 1.0)
      tzinfo (~> 0.3.29)
    moped (1.5.3)
    multi_json (1.11.2)
    origin (1.1.0)
    rack (1.6.4)
    rack-protection (1.5.3)
      rack
    sinatra (1.4.6)
      rack (~> 1.4)
      rack-protection (~> 1.4)
      tilt (>= 1.3, < 3)
    sinatra-mongoid (0.0.2)
      mongo_ext
      mongoid
      sinatra
    thin (1.6.3)
      daemons (~> 1.0, >= 1.0.9)
      eventmachine (~> 1.0)
      rack (~> 1.0)
    tilt (2.0.1)
    tzinfo (0.3.44)
    yajl-ruby (1.2.1)

PLATFORMS
  ruby

DEPENDENCIES
  bson_ext
  byebug
  em-http-request
  eventmachine
  sinatra
  sinatra-mongoid
  thin
  yajl-ruby
